GIT
  remote: git://github.com/asciidoctor/asciidoctor-pdf.git
  revision: 17c366c57f92f40be6967f80624a1c38de245ec0
  specs:
    asciidoctor-pdf (1.5.0.dev)
      asciidoctor (~> 1.5.0)
      prawn (= 1.2.1)
      prawn-svg (= 0.16.0)
      prawn-table (= 0.1.1)
      prawn-templates (= 0.0.3)
      thread_safe (= 0.3.4)
      treetop (= 1.5.3)

GEM
  remote: https://rubygems.org/
  specs:
    Ascii85 (1.0.2)
    afm (0.2.2)
    asciidoctor (1.5.1)
    celluloid (0.16.0)
      timers (~> 4.0.0)
    coderay (1.1.0)
    ffi (1.9.6)
    formatador (0.2.5)
    guard (2.6.1)
      formatador (>= 0.2.4)
      listen (~> 2.7)
      lumberjack (~> 1.0)
      pry (>= 0.9.12)
      thor (>= 0.18.1)
    guard-shell (0.6.1)
      guard (>= 1.1.0)
    hashery (2.1.1)
    hitimes (1.2.2)
    inotify (1.0.2)
    listen (2.7.11)
      celluloid (>= 0.15.2)
      rb-fsevent (>= 0.9.3)
      rb-inotify (>= 0.9)
    lumberjack (1.0.9)
    method_source (0.8.2)
    pdf-core (0.2.5)
    pdf-reader (1.3.3)
      Ascii85 (~> 1.0.0)
      afm (~> 0.2.0)
      hashery (~> 2.0)
      ruby-rc4
      ttfunk
    polyglot (0.3.5)
    prawn (1.2.1)
      pdf-core (~> 0.2.5)
      ttfunk (~> 1.2.0)
    prawn-svg (0.16.0)
      prawn (>= 0.8.4)
    prawn-table (0.1.1)
    prawn-templates (0.0.3)
      pdf-reader (~> 1.3)
      prawn (>= 0.15.0)
    pry (0.10.1)
      coderay (~> 1.1.0)
      method_source (~> 0.8.1)
      slop (~> 3.4)
    rb-fsevent (0.9.4)
    rb-inotify (0.9.5)
      ffi (>= 0.5.0)
    ruby-rc4 (0.1.5)
    slop (3.6.0)
    thor (0.19.1)
    thread_safe (0.3.4)
    timers (4.0.1)
      hitimes
    treetop (1.5.3)
      polyglot (~> 0.3)
    ttfunk (1.2.2)

PLATFORMS
  ruby

DEPENDENCIES
  asciidoctor
  asciidoctor-pdf!
  guard
  guard-shell
  inotify
